GEM
  remote: http://rubygems.org/
  specs:
    capybara (1.0.1)
      mime-types (>= 1.16)
      nokogiri (>= 1.3.3)
      rack (>= 1.0.0)
      rack-test (>= 0.5.4)
      selenium-webdriver (~> 2.0)
      xpath (~> 0.1.4)
    childprocess (0.2.2)
      ffi (~> 1.0.6)
    chunky_png (1.2.1)
    coffee-script (2.2.0)
      coffee-script-source
      execjs
    coffee-script-source (1.1.2)
    compass (0.11.5)
      chunky_png (~> 1.2)
      fssm (>= 0.2.7)
      sass (~> 3.1)
    contest (0.1.3)
    execjs (1.2.4)
      multi_json (~> 1.0)
    ffi (1.0.9)
    fssm (0.2.7)
    haml (3.1.2)
    i18n (0.6.0)
    jsmin (1.0.1)
    json_pure (1.5.4)
      spruz (~> 0.2.8)
    maruku (0.6.0)
      syntax (>= 1.0.0)
    mime-types (1.16)
    mocha (0.9.12)
    multi_json (1.0.3)
    nokogiri (1.5.0)
    pistol (0.0.2)
    rack (1.3.2)
    rack-test (0.6.1)
      rack (>= 1.0)
    rtopia (0.2.3)
    rubyzip (0.9.4)
    sass (3.1.7)
    selenium-webdriver (2.5.0)
      childprocess (>= 0.2.1)
      ffi (>= 1.0.7)
      json_pure
      rubyzip
    sequel (3.27.0)
    sinatra (1.2.6)
      rack (~> 1.1)
      tilt (< 2.0, >= 1.2.2)
    sinatra-assetpack (0.0.6)
      jsmin
      rack-test
      sinatra
    sinatra-content-for (0.2)
      sinatra
    sinatra-sequel (0.9.0)
      sequel (>= 3.2.0)
      sinatra (>= 0.9.4)
    sinatra-support (1.2.2)
      sinatra (>= 1.0)
    spruz (0.2.13)
    sqlite3 (1.3.4)
    syntax (1.0.0)
    therubyracer-heroku (0.8.1.pre3)
    tilt (1.3.3)
    xpath (0.1.4)
      nokogiri (~> 1.3)

PLATFORMS
  ruby

DEPENDENCIES
  capybara (~> 1.0.1)
  coffee-script
  compass (~> 0.11.5)
  contest
  haml (~> 3.1.1)
  i18n
  jsmin (~> 1.0.1)
  maruku
  mocha (~> 0.9.12)
  pistol (~> 0.0.2)
  rtopia (~> 0.2.3)
  sass (~> 3.1.1)
  sequel
  sinatra (~> 1.2.6)
  sinatra-assetpack (~> 0.0.6)
  sinatra-content-for
  sinatra-sequel
  sinatra-support (~> 1.2.0)
  sqlite3
  therubyracer-heroku (= 0.8.1.pre3)
